PATH
  remote: .
  specs:
    bit_magic (0.1.3)

GEM
  remote: https://rubygems.org/
  specs:
    coco (0.15.0)
    minitest (5.11.3)
    rake (12.3.3)

PLATFORMS
  ruby

DEPENDENCIES
  bit_magic!
  bundler (~> 1.16)
  coco (~> 0.15)
  minitest (~> 5.0)
  rake (>= 12.3.3)

BUNDLED WITH
   1.16.4
